GEM
  remote: http://rubygems.org/
  specs:
    base32 (0.2.0)
    bencode (0.7.0)
    bson (1.6.4)
    bson_ext (1.6.4)
      bson (~> 1.6.4)
    daemons (1.1.8)
    eventmachine (0.12.10)
    mongo (1.6.4)
      bson (~> 1.6.4)
    rack (1.4.1)
    rack-protection (1.2.0)
      rack
    shotgun (0.9)
      rack (>= 1.0)
    sinatra (1.3.2)
      rack (~> 1.3, >= 1.3.6)
      rack-protection (~> 1.2)
      tilt (~> 1.3, >= 1.3.3)
    sqlite3 (1.3.6)
    thin (1.4.1)
      daemons (>= 1.0.9)
      eventmachine (>= 0.12.6)
      rack (>= 1.0.0)
    tilt (1.3.3)

PLATFORMS
  ruby

DEPENDENCIES
  base32
  bencode
  bson_ext
  mongo
  rack
  shotgun
  sinatra
  sqlite3
  thin
